RESTRICTION: == net471
NUGET
  remote: https://api.nuget.org/v3/index.json
    Aardvark.Base (4.0.22)
      Aardvark.Base.Telemetry (4.0.22)
      DevILSharp (>= 0.2.4 < 0.3)
      System.Collections.Immutable (>= 1.4)
    Aardvark.Base.IO (4.0.22)
      Aardvark.Base (4.0.22)
      DevILSharp (>= 0.2.4 < 0.3)
      System.Dynamic.Runtime (>= 4.3 < 4.4)
    Aardvark.Base.Telemetry (4.0.22)
    Aardvark.Data.E57 (4.0.13)
      Aardvark.Base (>= 4.0.18 < 4.1)
    Aardvark.Geometry.PointSet (4.0.13)
      Aardvark.Base (>= 4.0.18 < 4.1)
      Aardvark.Base.IO (>= 4.0.18 < 4.1)
      Aardvark.Data.E57 (4.0.13)
      Aardvark.Geometry.PointTree (4.0.13)
      Newtonsoft.Json (>= 11.0.2 < 11.1)
      Uncodium.SimpleStore (>= 2.0 < 2.1)
    Aardvark.Geometry.PointTree (4.0.13)
      Aardvark.Base (>= 4.0.18 < 4.1)
      Aardvark.Base.IO (>= 4.0.18 < 4.1)
    DevILSharp (0.2.4)
      FSharp.Core (>= 4.3 < 4.4)
    FSharp.Core (4.3.4)
    Newtonsoft.Json (11.0.2)
    NUnit (3.8.1)
    NUnit3TestAdapter (3.8)
    System.Collections.Immutable (1.5)
    System.Dynamic.Runtime (4.3)
    Uncodium.SimpleStore (2.0)
    Unofficial.laszip.net (2.2)

GROUP Build
CONTENT: NONE
RESTRICTION: == net471
NUGET
  remote: https://api.nuget.org/v3/index.json
    FAKE (4.63.2) - content: none
    Mono.Cecil (0.10.0-beta7) - content: none
    SourceLink.Fake (1.1) - content: none
GITHUB
  remote: aardvark-platform/aardvark.fake
    FULLPROJECT (9b337575e1ec13a611f4416d1df485f382f8c631)
      FAKE (>= 4.63 < 4.64)
      Mono.Cecil (>= 0.10.0-beta6 < 0.11)
      SourceLink.Fake (>= 1.1 < 1.2)